GEM
  remote: http://rubygems.org/
  specs:
    bubble-wrap (1.1.4)
    sugarcube (0.11.3)

PLATFORMS
  ruby

DEPENDENCIES
  bubble-wrap
  sugarcube
